PATH
  remote: ../ryeppp
  specs:
    ryeppp (0.0.7.0)

GEM
  remote: http://rubygems.org/
  specs:
    docile (1.3.2)
    facter (1.7.6)
    json (2.3.0)
    minitest (5.3.5)
    minitest-color (0.0.2)
      minitest (~> 5)
    parallel (1.19.1)
    simplecov (0.17.1)
      docile (~> 1.1)
      json (>= 1.8, < 3)
      simplecov-html (~> 0.10.0)
    simplecov-html (0.10.2)
    trollop (2.9.10)

PLATFORMS
  ruby

DEPENDENCIES
  facter (~> 1.7.6)
  minitest (~> 5.3.3)
  minitest-color (~> 0.0.1)
  parallel
  ryeppp!
  simplecov
  trollop (~> 2.0)

BUNDLED WITH
   1.16.2
